GEM
  remote: https://rubygems.org/
  specs:
    aws-sdk (2.9.44)
      aws-sdk-resources (= 2.9.44)
    aws-sdk-core (2.9.44)
      aws-sigv4 (~> 1.0)
      jmespath (~> 1.0)
    aws-sdk-resources (2.9.44)
      aws-sdk-core (= 2.9.44)
    aws-sigv4 (1.0.2)
    builder (3.2.3)
    bundler-audit (0.5.0)
      bundler (~> 1.2)
      thor (~> 0.18)
    coderay (1.1.2)
    deep_merge (1.1.1)
    diff-lcs (1.3)
    docker-api (1.33.6)
      excon (>= 0.38.0)
      json
    erubis (2.7.0)
    excon (0.59.0)
    ffi (1.9.18)
    gssapi (1.2.0)
      ffi (>= 1.0.1)
    gyoku (1.3.1)
      builder (>= 2.1.2)
    hashie (3.5.6)
    httpclient (2.8.3)
    inspec (0.28.1)
      hashie (~> 3.4)
      json (~> 1.8)
      method_source (~> 0.8)
      pry (~> 0)
      rainbow (~> 2)
      rspec (~> 3)
      rspec-its (~> 1.2)
      rubyzip (~> 1.1)
      thor (~> 0.19)
      train (>= 0.15.1, < 1.0)
    jmespath (1.3.1)
    json (1.8.6)
    little-plugger (1.1.4)
    logging (2.2.2)
      little-plugger (~> 1.1)
      multi_json (~> 1.10)
    method_source (0.9.0)
    mimemagic (0.3.2)
    mixlib-shellout (2.3.2)
    multi_json (1.12.2)
    net-scp (1.2.1)
      net-ssh (>= 2.6.5)
    net-ssh (3.2.0)
    nori (2.6.0)
    os (1.0.0)
    pry (0.11.1)
      coderay (~> 1.1.0)
      method_source (~> 0.9.0)
    rack (2.0.3)
    rainbow (2.2.2)
      rake
    rake (11.3.0)
    rhcl (0.1.0)
      deep_merge
    rspec (3.6.0)
      rspec-core (~> 3.6.0)
      rspec-expectations (~> 3.6.0)
      rspec-mocks (~> 3.6.0)
    rspec-core (3.6.0)
      rspec-support (~> 3.6.0)
    rspec-expectations (3.6.0)
      diff-lcs (>= 1.2.0, < 2.0)
      rspec-support (~> 3.6.0)
    rspec-its (1.2.0)
      rspec-core (>= 3.0.0)
      rspec-expectations (>= 3.0.0)
    rspec-mocks (3.6.0)
      diff-lcs (>= 1.2.0, < 2.0)
      rspec-support (~> 3.6.0)
    rspec-support (3.6.0)
    rubyntlm (0.6.2)
    rubyzip (1.2.1)
    terraforming (0.13.2)
      aws-sdk (~> 2.9.6)
      multi_json (~> 1.12.1)
      thor
    thor (0.20.0)
    train (0.15.1)
      docker-api (~> 1.26)
      json (~> 1.8)
      mixlib-shellout (~> 2.0)
      net-scp (~> 1.2)
      net-ssh (>= 2.9, < 4.0)
      winrm (~> 1.6)
      winrm-fs (~> 0.3)
    winrm (1.8.1)
      builder (>= 2.1.2)
      gssapi (~> 1.2)
      gyoku (~> 1.0)
      httpclient (~> 2.2, >= 2.2.0.2)
      logging (>= 1.6.1, < 3.0)
      nori (~> 2.0)
      rubyntlm (~> 0.6.0)
    winrm-fs (0.4.3)
      erubis (~> 2.7)
      logging (>= 1.6.1, < 3.0)
      rubyzip (~> 1.1)
      winrm (~> 1.5)

PLATFORMS
  ruby

DEPENDENCIES
  aws-sdk
  bundler-audit (~> 0.5.0)
  inspec (~> 0.28.0)
  mimemagic (~> 0.3.2)
  net-ssh (~> 3.2.0)
  os (~> 1.0.0)
  rack (~> 2.0.1)
  rake (~> 11.3.0)
  rhcl (~> 0.1.0)
  rspec (~> 3.5)
  terraforming (~> 0.13.2)
  train (~> 0.15.1)

BUNDLED WITH
   1.15.4
